GEM
  remote: https://rubygems.org/
  specs:
    strong_json (1.1.0)

PLATFORMS
  ruby

DEPENDENCIES
  strong_json

BUNDLED WITH
   2.0.1
